GEM
  remote: https://rubygems.org/
  specs:
    ast (2.2.0)
    deep_merge (1.0.1)
    diff-lcs (1.2.5)
    diplomat (0.18.0)
      faraday (~> 0.9)
      json
    erubis (2.7.0)
    eventmachine (1.2.0.1)
    faraday (0.9.2)
      multipart-post (>= 1.2, < 3)
    ffi (1.9.10)
    git (1.3.0)
    json (1.8.3)
    multipart-post (2.0.0)
    odania (0.0.32)
      deep_merge
      diplomat
      erubis
      public_suffix
    parser (2.3.1.2)
      ast (~> 2.2)
    public_suffix (2.0.1)
    rake (10.5.0)
    rb-inotify (0.9.7)
      ffi (>= 0.5.0)
    redcarpet (3.3.4)
    rspec (3.4.0)
      rspec-core (~> 3.4.0)
      rspec-expectations (~> 3.4.0)
      rspec-mocks (~> 3.4.0)
    rspec-core (3.4.4)
      rspec-support (~> 3.4.0)
    rspec-expectations (3.4.0)
      diff-lcs (>= 1.2.0, < 2.0)
      rspec-support (~> 3.4.0)
    rspec-mocks (3.4.1)
      diff-lcs (>= 1.2.0, < 2.0)
      rspec-support (~> 3.4.0)
    rspec-support (3.4.1)
    ruby-lint (2.2.0)
      parser (~> 2.2)
      slop (~> 3.4, >= 3.4.7)
    slop (3.6.0)

PLATFORMS
  ruby

DEPENDENCIES
  diplomat
  erubis
  eventmachine
  git
  odania
  public_suffix
  rake (< 11.0)
  rb-inotify
  redcarpet
  rspec
  ruby-lint

BUNDLED WITH
   1.11.2
